PATH
  remote: .
  specs:
    xcpretty-azure-pipelines-formatter (1.0.0)
      xcpretty (~> 0.2, >= 0.0.7)

GEM
  remote: https://rubygems.org/
  specs:
    rouge (2.0.7)
    xcpretty (0.3.0)
      rouge (~> 2.0.7)

PLATFORMS
  ruby

DEPENDENCIES
  bundler (~> 1.3)
  xcpretty-azure-pipelines-formatter!

BUNDLED WITH
   1.16.6
